GEM
  remote: http://rubygems.org/
  specs:
    json_pure (1.6.5)
    rack (1.4.1)
    rack-protection (1.2.0)
      rack
    redis (2.2.2)
    sinatra (1.3.2)
      rack (~> 1.3, >= 1.3.6)
      rack-protection (~> 1.2)
      tilt (~> 1.3, >= 1.3.3)
    tilt (1.3.3)

PLATFORMS
  x86-mingw32

DEPENDENCIES
  json_pure (= 1.6.5)
  redis (= 2.2.2)
  sinatra (= 1.3.2)
